GEM
  remote: https://rubygems.org/
  specs:
    addressable (2.3.5)
    background_process (1.3)
    builder (3.2.2)
    capybara (2.2.0)
      mime-types (>= 1.16)
      nokogiri (>= 1.3.3)
      rack (>= 1.0.0)
      rack-test (>= 0.5.4)
      xpath (~> 2.0)
    cucumber (1.3.10)
      builder (>= 2.1.2)
      diff-lcs (>= 1.1.3)
      gherkin (~> 2.12)
      multi_json (>= 1.7.5, < 2.0)
      multi_test (>= 0.0.2)
    database_cleaner (1.2.0)
    diff-lcs (1.2.5)
    gherkin (2.12.2)
      multi_json (~> 1.3)
    launchy (2.4.2)
      addressable (~> 2.3)
    mime-types (1.17.2)
    multi_json (1.8.2)
    multi_test (0.0.2)
    nokogiri (1.5.6)
    rack (1.5.2)
    rack-protection (1.5.1)
      rack
    rack-test (0.6.1)
      rack (>= 1.0)
    rspec-expectations (2.14.4)
      diff-lcs (>= 1.1.3, < 2.0)
    service_manager (0.6.4)
      background_process (>= 1.2)
      tcpsocket-wait
    sinatra (1.4.4)
      rack (~> 1.4)
      rack-protection (~> 1.4)
      tilt (~> 1.3, >= 1.3.4)
    tcpsocket-wait (1.0.0)
    tilt (1.4.1)
    xpath (2.0.0)
      nokogiri (~> 1.3)

PLATFORMS
  ruby

DEPENDENCIES
  capybara
  cucumber
  database_cleaner
  launchy
  rspec-expectations
  service_manager
  sinatra
